GIT
  remote: https://github.com/rails/rails.git
  revision: a28d2e4193c3a73cc166706c404f3e5398395602
  branch: main
  specs:
    actioncable (8.1.0.alpha)
      actionpack (= 8.1.0.alpha)
      activesupport (= 8.1.0.alpha)
      nio4r (~> 2.0)
      websocket-driver (>= 0.6.1)
      zeitwerk (~> 2.6)
    actionmailbox (8.1.0.alpha)
      actionpack (= 8.1.0.alpha)
      activejob (= 8.1.0.alpha)
      activerecord (= 8.1.0.alpha)
      activestorage (= 8.1.0.alpha)
      activesupport (= 8.1.0.alpha)
      mail (>= 2.8.0)
    actionmailer (8.1.0.alpha)
      actionpack (= 8.1.0.alpha)
      actionview (= 8.1.0.alpha)
      activejob (= 8.1.0.alpha)
      activesupport (= 8.1.0.alpha)
      mail (>= 2.8.0)
      rails-dom-testing (~> 2.2)
    actionpack (8.1.0.alpha)
      actionview (= 8.1.0.alpha)
      activesupport (= 8.1.0.alpha)
      nokogiri (>= 1.8.5)
      rack (>= 2.2.4)
      rack-session (>= 1.0.1)
      rack-test (>= 0.6.3)
      rails-dom-testing (~> 2.2)
      rails-html-sanitizer (~> 1.6)
      useragent (~> 0.16)
    actiontext (8.1.0.alpha)
      actionpack (= 8.1.0.alpha)
      activerecord (= 8.1.0.alpha)
      activestorage (= 8.1.0.alpha)
      activesupport (= 8.1.0.alpha)
      globalid (>= 0.6.0)
      nokogiri (>= 1.8.5)
    actionview (8.1.0.alpha)
      activesupport (= 8.1.0.alpha)
      builder (~> 3.1)
      erubi (~> 1.11)
      rails-dom-testing (~> 2.2)
      rails-html-sanitizer (~> 1.6)
    activejob (8.1.0.alpha)
      activesupport (= 8.1.0.alpha)
      globalid (>= 0.3.6)
    activemodel (8.1.0.alpha)
      activesupport (= 8.1.0.alpha)
    activerecord (8.1.0.alpha)
      activemodel (= 8.1.0.alpha)
      activesupport (= 8.1.0.alpha)
      timeout (>= 0.4.0)
    activestorage (8.1.0.alpha)
      actionpack (= 8.1.0.alpha)
      activejob (= 8.1.0.alpha)
      activerecord (= 8.1.0.alpha)
      activesupport (= 8.1.0.alpha)
      marcel (~> 1.0)
    activesupport (8.1.0.alpha)
      base64
      benchmark (>= 0.3)
      bigdecimal
      concurrent-ruby (~> 1.0, >= 1.3.1)
      connection_pool (>= 2.2.5)
      drb
      i18n (>= 1.6, < 2)
      logger (>= 1.4.2)
      minitest (>= 5.1)
      securerandom (>= 0.3)
      tzinfo (~> 2.0, >= 2.0.5)
      uri (>= 0.13.1)
    rails (8.1.0.alpha)
      actioncable (= 8.1.0.alpha)
      actionmailbox (= 8.1.0.alpha)
      actionmailer (= 8.1.0.alpha)
      actionpack (= 8.1.0.alpha)
      actiontext (= 8.1.0.alpha)
      actionview (= 8.1.0.alpha)
      activejob (= 8.1.0.alpha)
      activemodel (= 8.1.0.alpha)
      activerecord (= 8.1.0.alpha)
      activestorage (= 8.1.0.alpha)
      activesupport (= 8.1.0.alpha)
      bundler (>= 1.15.0)
      railties (= 8.1.0.alpha)
    railties (8.1.0.alpha)
      actionpack (= 8.1.0.alpha)
      activesupport (= 8.1.0.alpha)
      irb (~> 1.13)
      rackup (>= 1.0.0)
      rake (>= 12.2)
      thor (~> 1.0, >= 1.2.2)
      zeitwerk (~> 2.6)

GEM
  remote: https://rubygems.org/
  specs:
    ast (2.4.2)
    base64 (0.2.0)
    benchmark (0.4.0)
    bigdecimal (3.1.9)
    bootsnap (1.18.4)
      msgpack (~> 1.2)
    brakeman (6.1.2)
      racc
    builder (3.3.0)
    concurrent-ruby (1.3.5)
    connection_pool (2.5.0)
    crass (1.0.6)
    date (3.4.1)
    debug (1.9.2)
      irb (~> 1.10)
      reline (>= 0.3.8)
    drb (2.2.1)
    erubi (1.13.1)
    globalid (1.2.1)
      activesupport (>= 6.1)
    i18n (1.14.7)
      concurrent-ruby (~> 1.0)
    io-console (0.8.0)
    irb (1.15.1)
      pp (>= 0.6.0)
      rdoc (>= 4.0.0)
      reline (>= 0.4.2)
    json (2.7.2)
    language_server-protocol (3.17.0.3)
    logger (1.6.5)
    loofah (2.24.0)
      crass (~> 1.0.2)
      nokogiri (>= 1.12.0)
    mail (2.8.1)
      mini_mime (>= 0.1.1)
      net-imap
      net-pop
      net-smtp
    marcel (1.0.4)
    mini_mime (1.1.5)
    mini_portile2 (2.8.8)
    minitest (5.25.4)
    msgpack (1.7.2)
    net-imap (0.5.5)
      date
      net-protocol
    net-pop (0.1.2)
      net-protocol
    net-protocol (0.2.2)
      timeout
    net-smtp (0.5.0)
      net-protocol
    nio4r (2.7.4)
    nokogiri (1.18.2)
      mini_portile2 (~> 2.8.2)
      racc (~> 1.4)
    nokogiri (1.18.2-aarch64-linux-gnu)
      racc (~> 1.4)
    nokogiri (1.18.2-arm-linux-gnu)
      racc (~> 1.4)
    nokogiri (1.18.2-arm64-darwin)
      racc (~> 1.4)
    nokogiri (1.18.2-x86_64-darwin)
      racc (~> 1.4)
    nokogiri (1.18.2-x86_64-linux-gnu)
      racc (~> 1.4)
    parallel (1.26.2)
    parser (3.3.4.2)
      ast (~> 2.4.1)
      racc
    pg (1.5.7)
    pp (0.6.2)
      prettyprint
    prettyprint (0.2.0)
    psych (5.2.3)
      date
      stringio
    puma (6.4.2)
      nio4r (~> 2.0)
    racc (1.8.1)
    rack (3.1.8)
    rack-session (2.1.0)
      base64 (>= 0.1.0)
      rack (>= 3.0.0)
    rack-test (2.2.0)
      rack (>= 1.3)
    rackup (2.2.1)
      rack (>= 3)
    rails-dom-testing (2.2.0)
      activesupport (>= 5.0.0)
      minitest
      nokogiri (>= 1.6)
    rails-html-sanitizer (1.6.2)
      loofah (~> 2.21)
      nokogiri (>= 1.15.7, != 1.16.7, != 1.16.6, != 1.16.5, != 1.16.4, != 1.16.3, != 1.16.2, != 1.16.1, != 1.16.0.rc1, != 1.16.0)
    rainbow (3.1.1)
    rake (13.2.1)
    rdoc (6.11.0)
      psych (>= 4.0.0)
    regexp_parser (2.9.2)
    reline (0.6.0)
      io-console (~> 0.5)
    rexml (3.3.5)
      strscan
    rubocop (1.65.1)
      json (~> 2.3)
      language_server-protocol (>= 3.17.0)
      parallel (~> 1.10)
      parser (>= 3.3.0.2)
      rainbow (>= 2.2.2, < 4.0)
      regexp_parser (>= 2.4, < 3.0)
      rexml (>= 3.2.5, < 4.0)
      rubocop-ast (>= 1.31.1, < 2.0)
      ruby-progressbar (~> 1.7)
      unicode-display_width (>= 2.4.0, < 3.0)
    rubocop-ast (1.32.0)
      parser (>= 3.3.1.0)
    rubocop-minitest (0.35.1)
      rubocop (>= 1.61, < 2.0)
      rubocop-ast (>= 1.31.1, < 2.0)
    rubocop-performance (1.21.1)
      rubocop (>= 1.48.1, < 2.0)
      rubocop-ast (>= 1.31.1, < 2.0)
    rubocop-rails (2.25.1)
      activesupport (>= 4.2.0)
      rack (>= 1.1)
      rubocop (>= 1.33.0, < 2.0)
      rubocop-ast (>= 1.31.1, < 2.0)
    rubocop-rails-omakase (1.0.0)
      rubocop
      rubocop-minitest
      rubocop-performance
      rubocop-rails
    ruby-progressbar (1.13.0)
    securerandom (0.4.1)
    stringio (3.1.2)
    strscan (3.1.0)
    thor (1.3.2)
    timeout (0.4.3)
    tzinfo (2.0.6)
      concurrent-ruby (~> 1.0)
    unicode-display_width (2.5.0)
    uri (1.0.2)
    useragent (0.16.11)
    websocket-driver (0.7.7)
      base64
      websocket-extensions (>= 0.1.0)
    websocket-extensions (0.1.5)
    zeitwerk (2.7.1)

PLATFORMS
  aarch64-linux
  arm-linux
  arm64-darwin
  x86-linux
  x86_64-darwin
  x86_64-linux

DEPENDENCIES
  bootsnap
  brakeman
  debug
  pg (~> 1.1)
  puma (>= 5.0)
  rails!
  rubocop-rails-omakase
  tzinfo-data

BUNDLED WITH
   2.5.17
